GEM
  remote: http://rubygems.org/
  specs:
    coderay (1.1.0)
    gosu (0.9.2)
    hasu (0.1.5)
      gosu
    method_source (0.8.2)
    pry (0.9.12.6)
      coderay (~> 1.0)
      method_source (~> 0.8)
      slop (~> 3.4)
    slop (3.6.0)

PLATFORMS
  ruby

DEPENDENCIES
  hasu
  pry

BUNDLED WITH
   1.10.3
